GEM
  remote: https://rubygems.org/
  specs:
    autotest (5.0.0)
      minitest-autotest (~> 1.0)
    byebug (11.1.1)
    diff-lcs (1.3)
    minitest (5.14.0)
    minitest-autotest (1.1.1)
      minitest-server (~> 1.0)
      path_expander (~> 1.0)
    minitest-server (1.0.6)
      minitest (~> 5.0)
    path_expander (1.1.0)
    rspec (3.9.0)
      rspec-core (~> 3.9.0)
      rspec-expectations (~> 3.9.0)
      rspec-mocks (~> 3.9.0)
    rspec-autotest (1.0.2)
      rspec-core (>= 2.99.0.beta1, < 4.0.0)
    rspec-core (3.9.1)
      rspec-support (~> 3.9.1)
    rspec-expectations (3.9.0)
      diff-lcs (>= 1.2.0, < 2.0)
      rspec-support (~> 3.9.0)
    rspec-mocks (3.9.1)
      diff-lcs (>= 1.2.0, < 2.0)
      rspec-support (~> 3.9.0)
    rspec-support (3.9.2)

PLATFORMS
  ruby

DEPENDENCIES
  autotest
  byebug
  rspec
  rspec-autotest

BUNDLED WITH
   1.17.3
